GEM
  remote: https://rubygems.org/
  specs:
    activesupport (3.2.13)
      i18n (= 0.6.1)
      multi_json (~> 1.0)
    awesome_print (1.1.0)
    coderay (1.0.9)
    eat (0.1.8)
      httpclient
    engineyard-metadata (0.2.5)
      activesupport (>= 2.3.4)
      eat (>= 0.0.5)
      nap (>= 0.4)
    eventmachine (1.0.3)
    httpclient (2.3.3)
    i18n (0.6.1)
    method_source (0.8.1)
    multi_json (1.7.5)
    nap (0.5.1)
    pry (0.9.12.2)
      coderay (~> 1.0.5)
      method_source (~> 0.8)
      slop (~> 3.4)
    rainbow (1.1.4)
    rexec (1.5.1)
      rainbow
    rubydns (0.6.2)
      eventmachine (~> 1.0.0)
      rexec (~> 1.5.1)
    slop (3.4.5)

PLATFORMS
  ruby

DEPENDENCIES
  awesome_print
  engineyard-metadata
  pry
  rubydns
